GEM
  remote: https://rubygems.org/
  specs:
    ruby2d (0.11.1)

PLATFORMS
  x64-mingw32

DEPENDENCIES
  ruby2d

BUNDLED WITH
   2.2.31
